GEM
  remote: https://rubygems.org/
  specs:
    celluloid (0.15.2)
      timers (~> 1.1.0)
    celluloid-io (0.15.0)
      celluloid (>= 0.15.0)
      nio4r (>= 0.5.0)
    coderay (1.1.0)
    coffee-script (2.2.0)
      coffee-script-source
      execjs
    coffee-script-source (1.7.0)
    diff-lcs (1.2.5)
    execjs (2.0.2)
    ffi (1.13.1)
    formatador (0.2.4)
    guard (2.5.1)
      formatador (>= 0.2.4)
      listen (~> 2.6)
      lumberjack (~> 1.0)
      pry (>= 0.9.12)
      thor (>= 0.18.1)
    guard-rspec (4.2.7)
      guard (~> 2.1)
      rspec (>= 2.14, < 4.0)
    haml (4.0.5)
      tilt
    hike (1.2.3)
    listen (2.6.2)
      celluloid (>= 0.15.2)
      celluloid-io (>= 0.15.0)
      rb-fsevent (>= 0.9.3)
      rb-inotify (>= 0.9)
    loggability (0.10.0)
    lumberjack (1.0.4)
    method_source (0.8.2)
    multi_json (1.8.4)
    nio4r (1.1.1)
    pry (0.9.12.6)
      coderay (~> 1.0)
      method_source (~> 0.8)
      slop (~> 3.4)
    rack (1.5.2)
    rack-protection (1.5.2)
      rack
    rake (10.1.1)
    rb-fsevent (0.9.4)
    rb-inotify (0.9.3)
      ffi (>= 0.5.0)
    rspec (2.14.1)
      rspec-core (~> 2.14.0)
      rspec-expectations (~> 2.14.0)
      rspec-mocks (~> 2.14.0)
    rspec-core (2.14.8)
    rspec-expectations (2.14.5)
      diff-lcs (>= 1.1.3, < 2.0)
    rspec-mocks (2.14.6)
    ruby-stemmer (0.9.3)
    sass (3.2.14)
    sequel (3.48.0)
    sinatra (1.4.4)
      rack (~> 1.4)
      rack-protection (~> 1.4)
      tilt (~> 1.3, >= 1.3.4)
    sinatra-asset-pipeline (0.3.3)
      coffee-script
      rake
      sass
      sinatra
      sprockets
      sprockets-helpers
      sprockets-sass
    slop (3.4.7)
    sprockets (2.10.1)
      hike (~> 1.2)
      multi_json (~> 1.0)
      rack (~> 1.0)
      tilt (~> 1.1, != 1.3.0)
    sprockets-helpers (1.1.0)
      sprockets (~> 2.0)
    sprockets-sass (1.0.2)
      sprockets (~> 2.0)
      tilt (~> 1.1)
    sqlite3 (1.3.13)
    thesaurus (0.1.0)
    thor (0.18.1)
    tilt (1.4.1)
    timers (1.1.0)
    uglifier (1.3.0)
      execjs (>= 0.3.0)
      multi_json (~> 1.0, >= 1.0.2)
    wordnet (1.0.0)
      loggability (~> 0.5)
      sequel (~> 3.38)
    wordnet-defaultdb (1.0.1)
      sqlite3 (~> 1.3)
      wordnet (~> 1.0.0.pre)
    wordsearch (1.0.0)

PLATFORMS
  ruby

DEPENDENCIES
  guard (~> 2.5.1)
  guard-rspec (~> 4.2.7)
  haml (~> 4.0.5)
  rspec (~> 2.14.1)
  ruby-stemmer (~> 0.9.3)
  sinatra (~> 1.4.4)
  sinatra-asset-pipeline (~> 0.3.3)
  thesaurus (~> 0.1.0)
  uglifier (~> 1.3.0)
  wordnet (~> 1.0.0)
  wordnet-defaultdb (~> 1.0.1)
  wordsearch (~> 1.0.0)

RUBY VERSION
   ruby 2.3.5p376

BUNDLED WITH
   1.16.0
